GEM
  remote: http://rubygems.org/
  specs:
    curb (0.8.0)
    haml (3.1.6)
    maruku (0.6.0)
      syntax (>= 1.0.0)
    nokogiri (1.5.3)
    rack (1.4.1)
    rack-protection (1.2.0)
      rack
    sass (3.1.19)
    sinatra (1.3.2)
      rack (~> 1.3, >= 1.3.6)
      rack-protection (~> 1.2)
      tilt (~> 1.3, >= 1.3.3)
    syntax (1.0.0)
    tilt (1.3.3)

PLATFORMS
  ruby

DEPENDENCIES
  curb
  haml
  maruku
  nokogiri
  sass
  sinatra
